GIT
  remote: http://github.com/knu/webrobots.git
  revision: 986fb8daa38905417b523a9319a93120f4260c6c
  specs:
    webrobots (0.0.10)
      nokogiri (>= 1.4.4)

GIT
  remote: http://github.com/thedarkone/rails-dev-boost.git
  revision: 8ea07ebee74d9f2879f074c307890997b1f34f03
  specs:
    rails-dev-boost (0.1.1)

GEM
  remote: http://ruby.taobao.org/
  specs:
    abstract (1.0.0)
    actionmailer (3.0.7)
      actionpack (= 3.0.7)
      mail (~> 2.2.15)
    actionpack (3.0.7)
      activemodel (= 3.0.7)
      activesupport (= 3.0.7)
      builder (~> 2.1.2)
      erubis (~> 2.6.6)
      i18n (~> 0.5.0)
      rack (~> 1.2.1)
      rack-mount (~> 0.6.14)
      rack-test (~> 0.5.7)
      tzinfo (~> 0.3.23)
    activemodel (3.0.7)
      activesupport (= 3.0.7)
      builder (~> 2.1.2)
      i18n (~> 0.5.0)
    activerecord (3.0.7)
      activemodel (= 3.0.7)
      activesupport (= 3.0.7)
      arel (~> 2.0.2)
      tzinfo (~> 0.3.23)
    activeresource (3.0.7)
      activemodel (= 3.0.7)
      activesupport (= 3.0.7)
    activesupport (3.0.7)
    arel (2.0.10)
    bson (1.3.1)
    builder (2.1.2)
    commonwatir (1.9.2)
      user-choices
    erubis (2.6.6)
      abstract (>= 1.0.0)
    ffi (1.0.9-x86-mingw32)
    firewatir (1.9.2)
      commonwatir (= 1.9.2)
    foreverb (0.3.0.f)
      thor (~> 0.14.6)
    hoe (2.10.0)
      rake (~> 0.8)
    i18n (0.5.0)
    mail (2.2.19)
      activesupport (>= 2.3.6)
      i18n (>= 0.4.0)
      mime-types (~> 1.16)
      treetop (~> 1.4.8)
    mechanize (2.0.1)
      net-http-digest_auth (~> 1.1, >= 1.1.1)
      net-http-persistent (~> 1.8)
      nokogiri (~> 1.4)
      webrobots (~> 0.0, >= 0.0.9)
    mime-types (1.16)
    mongo (1.3.1)
      bson (>= 1.3.1)
    mongoid (2.2.2)
      activemodel (~> 3.0)
      mongo (~> 1.3)
      tzinfo (~> 0.3.22)
    net-http-digest_auth (1.1.1)
    net-http-persistent (1.8)
    nokogiri (1.5.0)
    nokogiri (1.5.0-x86-mingw32)
    polyglot (0.3.1)
    rack (1.2.3)
    rack-mount (0.6.14)
      rack (>= 1.0.0)
    rack-test (0.5.7)
      rack (>= 1.0)
    rails (3.0.7)
      actionmailer (= 3.0.7)
      actionpack (= 3.0.7)
      activerecord (= 3.0.7)
      activeresource (= 3.0.7)
      activesupport (= 3.0.7)
      bundler (~> 1.0)
      railties (= 3.0.7)
    railties (3.0.7)
      actionpack (= 3.0.7)
      activesupport (= 3.0.7)
      rake (>= 0.8.7)
      thor (~> 0.14.4)
    rake (0.9.2)
    rautomation (0.6.3)
    redis (2.2.1)
    redis-store (1.0.0.rc1)
      redis (~> 2.2.0)
    request-log-analyzer (1.11.0)
    s4t-utils (1.0.4)
      hoe (>= 1.3.0)
    thor (0.14.6)
    treetop (1.4.9)
      polyglot (>= 0.3.1)
    tzinfo (0.3.29)
    user-choices (1.1.6.1)
      builder (>= 2.1.2)
      s4t-utils (>= 1.0.3)
      xml-simple (>= 1.0.11)
    watir (1.9.2)
      commonwatir (= 1.9.2)
      ffi (~> 1.0)
      firewatir (= 1.9.2)
      nokogiri
      rautomation (~> 0.6.2)
      win32-process (>= 0.5.5)
      windows-pr (>= 0.6.6)
    will_paginate (3.0.pre2)
    win32-api (1.4.8-x86-mingw32)
    win32-process (0.6.5)
      windows-pr (>= 1.1.2)
    windows-api (0.4.0)
      win32-api (>= 1.4.5)
    windows-pr (1.2.0)
      win32-api (>= 1.4.5)
      windows-api (>= 0.3.0)
    xml-simple (1.1.0)

PLATFORMS
  ruby
  x86-mingw32

DEPENDENCIES
  bson (= 1.3.1)
  foreverb
  mechanize
  mongoid (= 2.2.2)
  rails (= 3.0.7)
  rails-dev-boost!
  redis (= 2.2.1)
  redis-store (= 1.0.0.rc1)
  request-log-analyzer
  watir
  webrobots (~> 0.0.10)!
  will_paginate (~> 3.0.pre2)
